{
    "AcquisitionMatrix": [
        90,
        0,
        0,
        90
    ],
    "AcquisitionMatrixPE": 90,
    "AcquisitionNumber": 1,
    "AcquisitionTime": "12:21:8.105000",
    "BandwidthPerPixelPhaseEncode": 21.786,
    "BaseResolution": 90,
    "BodyPartExamined": "BRAIN",
    "CoilCombinationMethod": "Adaptive Combine",
    "Columns": 90,
    "ConsistencyInfo": "N4_VE11C_LATEST_20160120",
    "ConversionSoftware": "dcm2niix",
    "ConversionSoftwareVersion": "v1.0.20211006",
    "DerivedVendorReportedEchoSpacing": 0.000510012,
    "DeviceSerialNumber": "167024",
    "EchoTime": 0.08,
    "EchoTrainLength": 90,
    "EffectiveEchoSpacing": 0.000510012,
    "FlipAngle": 90,
    "ImageComments": "20712_12367@BBL:EFR01",
    "ImageOrientationPatientDICOM": [
        1,
        0,
        0,
        0,
        0.957319,
        0.289032
    ],
    "ImageType": [
        "ORIGINAL",
        "PRIMARY",
        "M",
        "ND"
    ],
    "ImagingFrequency": 123.193,
    "InPlanePhaseEncodingDirection": "COL",
    "InPlanePhaseEncodingDirectionDICOM": "COL",
    "InstitutionAddress": "Spruce Street 3400,Philadelphia,Pennsylvania,US,19104",
    "InstitutionName": "HUP",
    "IntendedFor": [
        "ses-12367/func/sub-20712_ses-12367_task-restbold_run-1_bold.nii.gz",
        "ses-12367/func/sub-20712_ses-12367_task-restbold_run-2_bold.nii.gz"
    ],
    "MRAcquisitionType": "2D",
    "MagneticFieldStrength": 3,
    "Manufacturer": "Siemens",
    "ManufacturersModelName": "Prisma_fit",
    "MatrixCoilMode": "SENSE",
    "Modality": "MR",
    "PartialFourier": 1,
    "PatientPosition": "HFS",
    "PercentPhaseFOV": 100,
    "PercentPhaseFieldOfView": 100.0,
    "PercentSampling": 100.0,
    "PhaseEncodingDirection": "j-",
    "PhaseEncodingSteps": 90,
    "PhaseResolution": 1,
    "PixelBandwidth": 2780,
    "PixelSpacing": [
        2.4000000953674,
        2.4000000953674
    ],
    "ProcedureStepDescription": "MR HEAD WO IV CONTRAST",
    "ProtocolName": "fmap_acq-fMRIdistmap_dir-AP_epi",
    "PulseSequenceDetails": "%CustomerSeq%\\ep2d_se_sms_abcd",
    "ReceiveCoilActiveElements": "HEA;HEP",
    "ReceiveCoilName": "Head_32",
    "ReconMatrixPE": 90,
    "RepetitionTime": 7.03,
    "Rows": 90,
    "SAR": 0.195187,
    "ScanOptions": "FS",
    "ScanningSequence": "EP",
    "SequenceName": "epse2d1_90",
    "SequenceVariant": "SK\\SP",
    "SeriesDescription": "fmap_acq-fMRIdistmap_dir-AP_epi",
    "SeriesNumber": 16,
    "ShimSetting": [
        1769,
        -3899,
        -137,
        603,
        -36,
        10,
        101,
        7
    ],
    "SliceThickness": 2.4,
    "SliceTiming": [
        3.50781,
        0,
        3.625,
        0.11719,
        3.75,
        0.23438,
        3.85938,
        0.35156,
        3.97656,
        0.46094,
        4.09375,
        0.57812,
        4.21094,
        0.69531,
        4.32812,
        0.8125,
        4.44531,
        0.9375,
        4.5625,
        1.05469,
        4.6875,
        1.17188,
        4.79688,
        1.28125,
        4.91406,
        1.39844,
        5.03125,
        1.51562,
        5.14844,
        1.63281,
        5.26562,
        1.75,
        5.38281,
        1.875,
        5.5,
        1.99219,
        5.61719,
        2.10938,
        5.73438,
        2.21875,
        5.85156,
        2.33594,
        5.96875,
        2.45312,
        6.08594,
        2.57031,
        6.20312,
        2.6875,
        6.32031,
        2.8125,
        6.4375,
        2.92969,
        6.55469,
        3.03906,
        6.67188,
        3.15625,
        6.78906,
        3.27344,
        6.90625,
        3.39062
    ],
    "SoftwareVersions": "syngo MR E11",
    "SpacingBetweenSlices": 2.4,
    "SpoilingState": true,
    "StationName": "HUP FNDBA MR2",
    "TotalReadoutTime": 0.045391,
    "TxRefAmp": 241.933,
    "VendorReportedEchoSpacing": 0.00051,
    "WipMemBlock": "78fc834d-cb4f-4e0c-9cb6-c35066b0105f"
}
