{
    "AcquisitionMatrix": [
        90,
        0,
        0,
        90
    ],
    "AcquisitionMatrixPE": 90,
    "AcquisitionNumber": 1,
    "AcquisitionTime": "16:08:44.657500",
    "BandwidthPerPixelPhaseEncode": 21.786,
    "BaseResolution": 90,
    "BodyPartExamined": "BRAIN",
    "CoilCombinationMethod": "Sum of Squares",
    "Columns": 720,
    "ConsistencyInfo": "N4_VE11C_LATEST_20160120",
    "ConversionSoftware": "dcm2niix",
    "ConversionSoftwareVersion": "v1.0.20211006",
    "DerivedVendorReportedEchoSpacing": 0.000510012,
    "DeviceSerialNumber": "167024",
    "EchoTime": 0.03,
    "EchoTrainLength": 90,
    "EffectiveEchoSpacing": 0.000510012,
    "FlipAngle": 52,
    "ImageComments": "SMS_ABCD_V1.2; MB=6; FOVshift=3; K_PE=5; K_RO=5; LeakBlockOn;\r\n21112_12412@BBL:EFR01",
    "ImageOrientationPatientDICOM": [
        0.998719,
        -0.0124108,
        0.0490471,
        -1.48219e-08,
        0.969445,
        0.245307
    ],
    "ImageType": [
        "ORIGINAL",
        "PRIMARY",
        "M",
        "ND",
        "MOSAIC"
    ],
    "ImagingFrequency": 123.192,
    "InPlanePhaseEncodingDirection": "COL",
    "InPlanePhaseEncodingDirectionDICOM": "COL",
    "InstitutionAddress": "Spruce Street 3400,Philadelphia,Pennsylvania,US,19104",
    "InstitutionName": "HUP",
    "MRAcquisitionType": "2D",
    "MagneticFieldStrength": 3,
    "Manufacturer": "Siemens",
    "ManufacturersModelName": "Prisma_fit",
    "Modality": "MR",
    "MultibandAccelerationFactor": 6,
    "PartialFourier": 1,
    "PatientPosition": "HFS",
    "PercentPhaseFOV": 100,
    "PercentPhaseFieldOfView": 100.0,
    "PercentSampling": 100.0,
    "PhaseEncodingDirection": "j",
    "PhaseEncodingSteps": 90,
    "PhaseResolution": 1,
    "PixelBandwidth": 2780,
    "PixelSpacing": [
        2.4000000953674,
        2.4000000953674
    ],
    "ProcedureStepDescription": "MR HEAD WO IV CONTRAST",
    "ProtocolName": "func_task-rest_run-01",
    "PulseSequenceDetails": "%CustomerSeq%\\ep2d_bold_sms_abcd",
    "ReceiveCoilActiveElements": "HEA;HEP",
    "ReceiveCoilName": "Head_32",
    "ReconMatrixPE": 90,
    "RefLinesPE": 22,
    "RepetitionTime": 0.8,
    "Rows": 720,
    "SAR": 0.070909,
    "ScanOptions": "FS\\CT",
    "ScanningSequence": "EP",
    "SequenceName": "epfid2d1_90",
    "SequenceVariant": "SK",
    "SeriesDescription": "func_task-rest_run-01",
    "SeriesNumber": 12,
    "ShimSetting": [
        1831,
        -3917,
        -79,
        655,
        35,
        -13,
        248,
        -26
    ],
    "SliceThickness": 2.4,
    "SliceTiming": [
        0.545,
        0,
        0.39,
        0.0775,
        0.4675,
        0.235,
        0.6225,
        0.3125,
        0.7025,
        0.155,
        0.545,
        0,
        0.39,
        0.0775,
        0.4675,
        0.235,
        0.6225,
        0.3125,
        0.7025,
        0.155,
        0.545,
        0,
        0.39,
        0.0775,
        0.4675,
        0.235,
        0.6225,
        0.3125,
        0.7025,
        0.155,
        0.545,
        0,
        0.39,
        0.0775,
        0.4675,
        0.235,
        0.6225,
        0.3125,
        0.7025,
        0.155,
        0.545,
        0,
        0.39,
        0.0775,
        0.4675,
        0.235,
        0.6225,
        0.3125,
        0.7025,
        0.155,
        0.545,
        0,
        0.39,
        0.0775,
        0.4675,
        0.235,
        0.6225,
        0.3125,
        0.7025,
        0.155
    ],
    "SoftwareVersions": "syngo MR E11",
    "SpacingBetweenSlices": 2.40000007611,
    "StationName": "HUP FNDBA MR2",
    "TaskName": "restbold",
    "TotalReadoutTime": 0.045391,
    "TxRefAmp": 246.14,
    "WipMemBlock": "db33eb17-ce83-4d34-af21-b3d53016ce2d"
}